GEM
  specs:
    adsf (1.0.1)
      rack (>= 1.0.0)
    coffee-script (2.2.0)
      coffee-script-source
      execjs
    coffee-script-source (1.2.0)
    cri (2.0.2)
    execjs (1.2.13)
      multi_json (~> 1.0)
    haml (3.1.4)
    multi_json (1.0.4)
    nanoc (3.2.3)
      nanoc3 (>= 3.2.3)
    nanoc3 (3.2.3)
      cri (~> 2.0)
    rack (1.4.0)
    sass (3.1.12)

PLATFORMS
  ruby

DEPENDENCIES
  adsf
  coffee-script
  haml
  nanoc
  sass
